GEM
  remote: https://rubygems.org/
  specs:
    bezier_curve (0.9.2)
    wavefile (1.1.0)

PLATFORMS
  ruby

DEPENDENCIES
  bezier_curve
  wavefile

BUNDLED WITH
   1.17.2
