GEM
  remote: https://rubygems.org/
  specs:
    bezier_curve (0.9.2)
    byebug (11.1.1)
    wavefile (1.1.0)

PLATFORMS
  ruby

DEPENDENCIES
  bezier_curve
  byebug
  wavefile

BUNDLED WITH
   1.17.2
