GEM
  remote: https://rubygems.org/
  specs:
    bezier_curve (0.9.2)
    byebug (11.1.1)
    coderay (1.1.2)
    method_source (0.9.2)
    pry (0.12.2)
      coderay (~> 1.1.0)
      method_source (~> 0.9.0)
    pry-byebug (3.8.0)
      byebug (~> 11.0)
      pry (~> 0.10)
    wavefile (1.1.0)

PLATFORMS
  ruby

DEPENDENCIES
  bezier_curve
  byebug
  pry
  pry-byebug
  wavefile

BUNDLED WITH
   1.17.2
